GEM
  remote: https://rubygems.org/
  specs:
    builder (3.2.3)
    camt_parser (2.7.0)
      nokogiri
    mini_portile2 (2.8.0)
    nokogiri (1.13.4)
      mini_portile2 (~> 2.8.0)
      racc (~> 1.4)
    racc (1.6.0)

PLATFORMS
  ruby

DEPENDENCIES
  builder (~> 3.2, >= 3.2.3)
  camt_parser

BUNDLED WITH
   2.1.4
